NUGET
  remote: https://nuget.org/api/v2
  specs:
    FAKE (3.27.5)
    FSharp.Compiler.Service (0.0.87)
    FSharp.Data (2.2.0)
      Zlib.Portable (>= 1.10.0) - framework: portable-net40+sl50+wp80+win80
    FSharp.Formatting (2.8.0)
      FSharp.Compiler.Service (>= 0.0.86)
      FSharpVSPowerTools.Core (>= 1.7.0)
    FSharpVSPowerTools.Core (1.7.0)
      FSharp.Compiler.Service (>= 0.0.81)
    Microsoft.Bcl (1.1.10)
      Microsoft.Bcl.Build (>= 1.0.14)
    Microsoft.Bcl.Build (1.0.21)
    Microsoft.Net.Http (2.2.29)
      Microsoft.Bcl (>= 1.1.10)
      Microsoft.Bcl.Build (>= 1.0.14)
    NUnit (2.6.4)
    NUnit.Runners (2.6.4)
    Octokit (0.9.0)
      Microsoft.Net.Http
    SourceLink.Fake (0.5.0)
    Zlib.Portable (1.10.0)
GITHUB
  remote: fsharp/FAKE
  specs:
    modules/Octokit/Octokit.fsx (fb5d95f0e9f74b4a22d881d41ce20fbc4200d55b)
      Octokit